{
  "Modality": "MR",
  "MagneticFieldStrength": 3,
  "ImagingFrequency": 123.261,
  "Manufacturer": "Siemens",
  "ManufacturersModelName": "TrioTim",
  "InstitutionName": "Brigham_Young_University",
  "InstitutionalDepartmentName": "MRI",
  "InstitutionAddress": "University_Pkwy_1700_North_685_Provo_UT_US_84601",
  "DeviceSerialNumber": "35002",
  "StationName": "MININT-E41B04",
  "PatientPosition": "HFS",
  "ProcedureStepDescription": "Research_KIRWAN",
  "SoftwareVersions": "syngo_MR_B17",
  "MRAcquisitionType": "2D",
  "SeriesDescription": "act_fMRI_Demo",
  "ProtocolName": "fMRI_Demo",
  "ScanningSequence": "EP",
  "SequenceVariant": "SK",
  "ScanOptions": "FS",
  "SequenceName": "epfid2d1_64",
  "ImageType": [
    "ORIGINAL",
    "PRIMARY",
    "FMRI",
    "NONE",
    "ND",
    "MOSAIC"
  ],
  "SeriesNumber": 4,
  "AcquisitionTime": "15:25:39.095000",
  "AcquisitionNumber": 1,
  "SliceThickness": 3,
  "SpacingBetweenSlices": 3,
  "SAR": 0.119467,
  "EchoTime": 0.028,
  "RepetitionTime": 2.5,
  "FlipAngle": 90,
  "PartialFourier": 1,
  "BaseResolution": 64,
  "ShimSetting": [
    -2828,
    -22897,
    2326,
    408,
    -36,
    118,
    -477,
    244
  ],
  "TxRefAmp": 388.099,
  "PhaseResolution": 1,
  "ReceiveCoilName": "HeadMatrix",
  "CoilString": "C:HEA;HEP",
  "PulseSequenceDetails": "%CustomerSeq%_ep2d_bold_PMU",
  "PercentPhaseFOV": 100,
  "PhaseEncodingSteps": 64,
  "AcquisitionMatrixPE": 64,
  "ReconMatrixPE": 64,
  "BandwidthPerPixelPhaseEncode": 36.337,
  "EffectiveEchoSpacing": 0.000430002,
  "DerivedVendorReportedEchoSpacing": 0.000430002,
  "TotalReadoutTime": 0.0270902,
  "PixelBandwidth": 2894,
  "DwellTime": 2.7e-06,
  "PhaseEncodingDirection": "j-",
  "SliceTiming": [
    1.255,
    0,
    1.3175,
    0.0625,
    1.38,
    0.125,
    1.4425,
    0.1875,
    1.505,
    0.25,
    1.5675,
    0.3125,
    1.63,
    0.3775,
    1.695,
    0.44,
    1.7575,
    0.5025,
    1.82,
    0.565,
    1.8825,
    0.6275,
    1.945,
    0.69,
    2.0075,
    0.7525,
    2.07,
    0.815,
    2.1325,
    0.8775,
    2.195,
    0.94,
    2.2575,
    1.005,
    2.3225,
    1.0675,
    2.385,
    1.13,
    2.4475,
    1.1925
  ],
  "ImageOrientationPatientDICOM": [
    1,
    2e-16,
    0,
    -2e-16,
    0.987414,
    -0.158158
  ],
  "InPlanePhaseEncodingDirectionDICOM": "COL",
  "ConversionSoftware": "dcm2niix",
  "ConversionSoftwareVersion": "v1.0.20190902",
  "TaskName": "FlickeringCheckerBoard"
}
